GIT
  remote: git://github.com/SamSaffron/memory_profiler.git
  revision: c8255596d985b7c92a9cb76e03099dc8362d0696
  branch: master
  specs:
    memory_profiler (0.9.6)

GEM
  remote: https://rubygems.org/
  specs:
    activesupport (4.2.6)
      i18n (~> 0.7)
      json (~> 1.7, >= 1.7.7)
      minitest (~> 5.1)
      thread_safe (~> 0.3, >= 0.3.4)
      tzinfo (~> 1.1)
    addressable (2.4.0)
    arcrest (0.0.2)
    aws-sdk (2.2.24)
      aws-sdk-resources (= 2.2.24)
    aws-sdk-core (2.2.24)
      jmespath (~> 1.0)
    aws-sdk-resources (2.2.24)
      aws-sdk-core (= 2.2.24)
    bcrypt (3.1.10)
    benchmark-ips (2.7.2)
    better_errors (2.1.1)
      coderay (>= 1.0.0)
      erubis (>= 2.6.6)
      rack (>= 0.9.0)
    capybara (2.6.2)
      addressable
      mime-types (>= 1.16)
      nokogiri (>= 1.3.3)
      rack (>= 1.0.0)
      rack-test (>= 0.5.4)
      xpath (~> 2.0)
    capybara-email (2.5.0)
      capybara (~> 2.4)
      mail
    childprocess (0.5.9)
      ffi (~> 1.0, >= 1.0.11)
    coderay (1.1.1)
    concurrent-ruby (1.0.2)
    daemons (1.2.4)
    database_cleaner (1.5.1)
    derailed_benchmarks (1.3.1)
      benchmark-ips (~> 2)
      get_process_mem (~> 0)
      heapy (~> 0)
      memory_profiler (~> 0)
      rack (>= 1)
      rake (> 10, < 12)
      thor (~> 0.19)
    diff-lcs (1.2.5)
    domain_name (0.5.20160826)
      unf (>= 0.0.5, < 1.0.0)
    erubis (2.7.0)
    eventmachine (1.2.0.1)
    execjs (2.7.0)
    factory_girl (4.5.0)
      activesupport (>= 3.0.0)
    faker (1.6.3)
      i18n (~> 0.5)
    ffi (1.9.14)
    get_process_mem (0.2.1)
    gis_scraper (0.1.10.pre)
      arcrest (~> 0.0.2)
      parallel (~> 1.9)
    gon-sinatra (0.1.2)
      sinatra
    haml (4.0.7)
      tilt
    heapy (0.1.2)
    http-cookie (1.0.2)
      domain_name (~> 0.5)
    http_router (0.11.2)
      rack (>= 1.0.0)
      url_mount (~> 0.2.1)
    i18n (0.7.0)
    jmespath (1.3.1)
    json (1.8.3)
    kgio (2.10.0)
    linguistics (2.1.0)
      loggability (~> 0.11)
    loggability (0.11.0)
    mail (2.6.4)
      mime-types (>= 1.16, < 4)
    mechanize (2.7.4)
      domain_name (~> 0.5, >= 0.5.1)
      http-cookie (~> 1.0)
      mime-types (>= 1.17.2, < 3)
      net-http-digest_auth (~> 1.1, >= 1.1.1)
      net-http-persistent (~> 2.5, >= 2.5.2)
      nokogiri (~> 1.6)
      ntlm-http (~> 0.1, >= 0.1.1)
      webrobots (>= 0.0.9, < 0.2)
    mime-types (2.99.2)
    mini_portile2 (2.1.0)
    minitest (5.9.0)
    moneta (0.7.20)
    multi_json (1.12.1)
    net-http-digest_auth (1.4)
    net-http-persistent (2.9.4)
    netrc (0.11.0)
    nokogiri (1.6.8)
      mini_portile2 (~> 2.1.0)
      pkg-config (~> 1.1.7)
    ntlm-http (0.1.1)
    padrino (0.12.8)
      padrino-admin (= 0.12.8)
      padrino-cache (= 0.12.8)
      padrino-core (= 0.12.8)
      padrino-gen (= 0.12.8)
      padrino-helpers (= 0.12.8)
      padrino-mailer (= 0.12.8)
      padrino-support (= 0.12.8)
    padrino-admin (0.12.8)
      padrino-core (= 0.12.8)
      padrino-helpers (= 0.12.8)
    padrino-cache (0.12.8)
      moneta (~> 0.7.0)
      padrino-core (= 0.12.8)
      padrino-helpers (= 0.12.8)
    padrino-core (0.12.8)
      activesupport (>= 3.1)
      http_router (~> 0.11.0)
      padrino-support (= 0.12.8)
      rack (< 1.6.0)
      rack-protection (>= 1.5.0)
      sinatra (~> 1.4.2)
      thor (~> 0.18)
    padrino-gen (0.12.8)
      bundler (~> 1.0)
      padrino-core (= 0.12.8)
    padrino-helpers (0.12.8)
      i18n (~> 0.6, >= 0.6.7)
      padrino-support (= 0.12.8)
      tilt (~> 1.4.1)
    padrino-mailer (0.12.8)
      mail (~> 2.5)
      mime-types (< 3)
      padrino-core (= 0.12.8)
    padrino-sprockets (0.0.3)
      sprockets
    padrino-support (0.12.8)
      activesupport (>= 3.1)
    parallel (1.9.0)
    pg (0.18.4)
    pkg-config (1.1.7)
    rack (1.5.5)
    rack-protection (1.5.3)
      rack
    rack-test (0.6.3)
      rack (>= 1.0)
    raindrops (0.17.0)
    rake (11.2.2)
    rest-client (1.8.0)
      http-cookie (>= 1.0.2, < 2.0)
      mime-types (>= 1.16, < 3.0)
      netrc (~> 0.7)
    rspec (3.4.0)
      rspec-core (~> 3.4.0)
      rspec-expectations (~> 3.4.0)
      rspec-mocks (~> 3.4.0)
    rspec-core (3.4.4)
      rspec-support (~> 3.4.0)
    rspec-expectations (3.4.0)
      diff-lcs (>= 1.2.0, < 2.0)
      rspec-support (~> 3.4.0)
    rspec-mocks (3.4.1)
      diff-lcs (>= 1.2.0, < 2.0)
      rspec-support (~> 3.4.0)
    rspec-support (3.4.1)
    rubyzip (1.2.0)
    sass (3.4.21)
    selenium-webdriver (2.52.0)
      childprocess (~> 0.5)
      multi_json (~> 1.0)
      rubyzip (~> 1.0)
      websocket (~> 1.0)
    sequel (4.32.0)
    sequel_pg (1.6.14)
      pg (>= 0.8.0)
      sequel (>= 3.39.0)
    sinatra (1.4.7)
      rack (~> 1.5)
      rack-protection (~> 1.4)
      tilt (>= 1.3, < 3)
    sprockets (3.7.0)
      concurrent-ruby (~> 1.0)
      rack (> 1, < 3)
    stackprof (0.2.9)
    stripe (1.36.0)
      json (~> 1.8.1)
      rest-client (~> 1.4)
    thin (1.6.4)
      daemons (~> 1.0, >= 1.0.9)
      eventmachine (~> 1.0, >= 1.0.4)
      rack (~> 1.0)
    thor (0.19.1)
    thread_safe (0.3.5)
    tilt (1.4.1)
    tzinfo (1.2.2)
      thread_safe (~> 0.1)
    uglifier (2.7.2)
      execjs (>= 0.3.0)
      json (>= 1.8.0)
    unf (0.1.4)
      unf_ext
    unf_ext (0.0.7.2)
    unicorn (5.0.1)
      kgio (~> 2.6)
      rack
      raindrops (~> 0.7)
    url_mount (0.2.1)
      rack
    webrobots (0.1.2)
    websocket (1.2.3)
    xpath (2.0.0)
      nokogiri (~> 1.3)
    yui-compressor (0.12.0)

PLATFORMS
  ruby

DEPENDENCIES
  aws-sdk (= 2.2.24)
  bcrypt (= 3.1.10)
  better_errors (= 2.1.1)
  capybara (= 2.6.2)
  capybara-email (= 2.5.0)
  database_cleaner (= 1.5.1)
  derailed_benchmarks (= 1.3.1)
  factory_girl (= 4.5.0)
  faker (= 1.6.3)
  gis_scraper (= 0.1.10.pre)
  gon-sinatra (= 0.1.2)
  haml (= 4.0.7)
  linguistics (= 2.1.0)
  mechanize (= 2.7.4)
  memory_profiler!
  padrino (= 0.12.8)
  padrino-sprockets (= 0.0.3)
  parallel (= 1.9.0)
  pg (= 0.18.4)
  rack-test (= 0.6.3)
  rake (= 11.2.2)
  rspec (= 3.4.0)
  sass (= 3.4.21)
  selenium-webdriver (= 2.52.0)
  sequel (= 4.32)
  sequel_pg (= 1.6.14)
  stackprof (= 0.2.9)
  stripe (= 1.36.0)
  thin (= 1.6.4)
  uglifier (= 2.7.2)
  unicorn (= 5.0.1)
  yui-compressor (= 0.12.0)

RUBY VERSION
   ruby 2.3.1p112

BUNDLED WITH
   1.12.5
